GEM
  remote: https://rubygems.org/
  specs:
    awesome_print (1.9.2)
    coderay (1.1.3)
    method_source (0.9.2)
    pry (0.12.2)
      coderay (~> 1.1.0)
      method_source (~> 0.9.0)
    pry-nav (0.3.0)
      pry (>= 0.9.10, < 0.13.0)

PLATFORMS
  ruby

DEPENDENCIES
  awesome_print
  pry (~> 0.12.2)
  pry-nav

BUNDLED WITH
   1.17.2
